PATH
  remote: .
  specs:
    a2 (0.3.0)
      cmdparse
      httparty

GEM
  remote: https://rubygems.org/
  specs:
    cmdparse (3.0.7)
    httparty (0.20.0)
      mime-types (~> 3.0)
      multi_xml (>= 0.5.2)
    mime-types (3.4.1)
      mime-types-data (~> 3.2015)
    mime-types-data (3.2022.0105)
    minitest (5.16.3)
    multi_xml (0.6.0)
    rake (13.0.6)

PLATFORMS
  arm64-darwin-22

DEPENDENCIES
  a2!
  bundler (~> 2.2.15)
  minitest (~> 5.0)
  rake (>= 12.3.3)

BUNDLED WITH
   2.2.22
