PATH
  remote: .
  specs:
    a2 (0.1.1)
      cmdparse
      httparty

GEM
  remote: https://rubygems.org/
  specs:
    cmdparse (3.0.7)
    httparty (0.18.1)
      mime-types (~> 3.0)
      multi_xml (>= 0.5.2)
    mime-types (3.3.1)
      mime-types-data (~> 3.2015)
    mime-types-data (3.2021.0225)
    minitest (5.14.4)
    multi_xml (0.6.0)
    rake (13.0.3)

PLATFORMS
  ruby
  x86_64-darwin-17
  x86_64-linux

DEPENDENCIES
  a2!
  bundler (~> 2.2.15)
  minitest (~> 5.0)
  rake (>= 12.3.3)

BUNDLED WITH
   2.2.15
